GEM
  remote: https://rubygems.org/
  specs:
    coveralls (0.7.0)
      multi_json (~> 1.3)
      rest-client
      simplecov (>= 0.7)
      term-ansicolor
      thor
    daemons (1.1.9)
    diff-lcs (1.2.4)
    eventmachine (1.0.3)
    mime-types (1.25)
    multi_json (1.8.1)
    rack (1.5.2)
    rack-protection (1.5.0)
      rack
    rake (10.1.0)
    redis (3.0.5)
    rest-client (1.6.7)
      mime-types (>= 1.16)
    rspec (2.14.1)
      rspec-core (~> 2.14.0)
      rspec-expectations (~> 2.14.0)
      rspec-mocks (~> 2.14.0)
    rspec-core (2.14.5)
    rspec-expectations (2.14.3)
      diff-lcs (>= 1.1.3, < 2.0)
    rspec-mocks (2.14.3)
    simplecov (0.7.1)
      multi_json (~> 1.0)
      simplecov-html (~> 0.7.1)
    simplecov-html (0.7.1)
    sinatra (1.4.2)
      rack (~> 1.5, >= 1.5.2)
      rack-protection (~> 1.4)
      tilt (~> 1.3, >= 1.3.4)
    term-ansicolor (1.2.2)
      tins (~> 0.8)
    thin (1.5.1)
      daemons (>= 1.0.9)
      eventmachine (>= 0.12.6)
      rack (>= 1.0.0)
    thor (0.18.1)
    tilt (1.4.0)
    tins (0.11.0)

PLATFORMS
  ruby

DEPENDENCIES
  coveralls
  rake (~> 10.1.0)
  redis (~> 3.0.0)
  rspec (~> 2.14.0)
  sinatra (~> 1.4.0)
  thin
